GIT
  remote: git://github.com/tboyd47/dropbox.git
  revision: adf14af313049dc428a3e8e124dfa761d15f5dc6
  specs:
    dropbox (1.1.1)
      json (>= 1.2.0)
      multipart-post (>= 1.0)
      oauth (>= 0.3.6)

PATH
  remote: vendor/gems/jasmine
  specs:
    jasmine (1.0.1)
      json_pure (>= 1.4.3)
      rack (>= 1.0.0)
      rake (>= 0.8.7)
      rspec (>= 1.1.5)
      selenium-client (>= 1.2.17)
      selenium-rc (>= 2.1.0)

GEM
  remote: http://rubygems.org/
  remote: http://gems.github.com/
  specs:
    diff-lcs (1.1.2)
    json (1.4.6)
    json_pure (1.4.6)
    multipart-post (1.0.1)
    oauth (0.4.3)
    rack (1.2.1)
    rake (0.8.7)
    rspec (2.0.0.rc)
      rspec-core (= 2.0.0.rc)
      rspec-expectations (= 2.0.0.rc)
      rspec-mocks (= 2.0.0.rc)
    rspec-core (2.0.0.rc)
    rspec-expectations (2.0.0.rc)
      diff-lcs (>= 1.1.2)
    rspec-mocks (2.0.0.rc)
      rspec-core (= 2.0.0.rc)
      rspec-expectations (= 2.0.0.rc)
    selenium-client (1.2.18)
    selenium-rc (2.2.4)
      selenium-client (>= 1.2.18)

PLATFORMS
  ruby

DEPENDENCIES
  dropbox!
  jasmine!
  rspec (>= 2.0.0.beta.20)
